GIT
  remote: git@github.com:HomeBusProjects/ruby-homebus-application
  revision: a75bbad8107bedd146e4dbd1ba80ed89edb3291c
  specs:
    homebus_app (0.9.6)
      dotenv
      mqtt

GIT
  remote: https://github.com/HomeBusProjects/ruby-homebus
  revision: c231072e715e142c3cd17fd25d42ecd04b0a3397
  specs:
    homebus (0.40.1)
      paho-mqtt (~> 1.0.12)

GEM
  remote: https://rubygems.org/
  specs:
    dotenv (2.8.1)
    mqtt (0.5.0)
    mustermann (2.0.2)
      ruby2_keywords (~> 0.0.1)
    nio4r (2.5.8)
    paho-mqtt (1.0.12)
    puma (6.0.0)
      nio4r (~> 2.0)
    rack (2.2.6.2)
    rack-protection (2.2.3)
      rack
    ruby2_keywords (0.0.5)
    sinatra (2.2.3)
      mustermann (~> 2.0)
      rack (~> 2.2)
      rack-protection (= 2.2.3)
      tilt (~> 2.0)
    tilt (2.0.11)

PLATFORMS
  arm64-darwin-21
  x86_64-linux

DEPENDENCIES
  homebus!
  homebus_app!
  mqtt
  puma
  sinatra (~> 2.2.0)

BUNDLED WITH
   2.3.20
