GIT
  remote: git@github.com:HomeBusProjects/ruby-homebus-application
  revision: a75bbad8107bedd146e4dbd1ba80ed89edb3291c
  specs:
    homebus_app (0.9.6)
      dotenv
      mqtt

GIT
  remote: https://github.com/HomeBusProjects/ruby-homebus
  revision: 507710f5b9892f8726eaebc9c7c4d97a8b05f96d
  specs:
    homebus (0.22.0)
      mqtt (~> 0.5.0)

GEM
  remote: https://rubygems.org/
  specs:
    dotenv (2.7.6)
    mqtt (0.5.0)
    mustermann (1.1.1)
      ruby2_keywords (~> 0.0.1)
    nio4r (2.5.8)
    puma (5.6.4)
      nio4r (~> 2.0)
    rack (2.2.3)
    rack-protection (2.2.0)
      rack
    ruby2_keywords (0.0.5)
    sinatra (2.2.0)
      mustermann (~> 1.0)
      rack (~> 2.2)
      rack-protection (= 2.2.0)
      tilt (~> 2.0)
    tilt (2.0.10)

PLATFORMS
  arm64-darwin-21

DEPENDENCIES
  homebus!
  homebus_app!
  mqtt
  puma
  sinatra (~> 2.2.0)

BUNDLED WITH
   2.3.7
